GEM
  remote: https://rubygems.org/
  specs:
    coderay (1.1.3)
    colorize (0.8.1)
    method_source (1.0.0)
    prometheus_exporter (0.5.3)
    pry (0.13.1)
      coderay (~> 1.1)
      method_source (~> 1.0)
    ruby-units (2.3.1)

PLATFORMS
  ruby

DEPENDENCIES
  colorize
  prometheus_exporter
  pry
  ruby-units

BUNDLED WITH
   2.1.4
